GEM
  remote: https://gems.ruby-china.org/
  specs:
    activesupport (3.2.0)
      i18n (~> 0.6)
      multi_json (~> 1.0)
    atomic (1.1.99)
    i18n (0.8.6)
    multi_json (1.12.1)

PLATFORMS
  ruby

DEPENDENCIES
  activesupport (= 3.2.0)
  atomic

BUNDLED WITH
   1.13.6
